GEM
  remote: http://rubygems.org/
  remote: http://rubygems.org/
  specs:
    faker (1.0.1)
      i18n (~> 0.4)
    i18n (0.6.0)
    populator (1.0.0)

PLATFORMS
  ruby

DEPENDENCIES
  faker
  populator
